PATH
  remote: .
  specs:
    rick_and_morty (0.1.0)

GEM
  remote: https://rubygems.org/
  specs:
    httparty (0.18.1)
      mime-types (~> 3.0)
      multi_xml (>= 0.5.2)
    mime-types (3.3.1)
      mime-types-data (~> 3.2015)
    mime-types-data (3.2020.1104)
    multi_xml (0.6.0)
    rake (12.3.3)

PLATFORMS
  ruby

DEPENDENCIES
  httparty
  rake (~> 12.0)
  rick_and_morty!

BUNDLED WITH
   2.1.4
